{
    "Modality": "MR",
    "MagneticFieldStrength": 3,
    "ImagingFrequency": 123.248849,
    "Manufacturer": "Siemens",
    "ManufacturersModelName": "Prisma_fit",
    "InstitutionName": "Washington University",
    "InstitutionalDepartmentName": "Department",
    "InstitutionAddress": "Scott Ave 4525,St. Louis,MO,US,63110",
    "DeviceSerialNumber": "67064",
    "StationName": "MRC35177",
    "BodyPartExamined": "BRAIN",
    "PatientPosition": "HFS",
    "ProcedureStepDescription": "head^Culver",
    "SoftwareVersions": "syngo MR E11",
    "MRAcquisitionType": "3D",
    "SeriesDescription": "ABCD_T1w_MPR_vNav",
    "ProtocolName": "ABCD_T1w_MPR_vNav",
    "ScanningSequence": "GR\\IR",
    "SequenceVariant": "SK\\SP\\MP",
    "ScanOptions": "IR\\WE",
    "SequenceName": "tfl3d1_16ns",
    "ImageType": [
        "ORIGINAL",
        "PRIMARY",
        "M",
        "ND",
        "NORM"
    ],
    "NonlinearGradientCorrection": false,
    "SeriesNumber": 10,
    "AcquisitionTime": "14:00:59.587500",
    "AcquisitionNumber": 1,
    "SliceThickness": 1,
    "SAR": 0.0321178,
    "EchoTime": 0.0029,
    "RepetitionTime": 2.5,
    "SpoilingState": true,
    "InversionTime": 1.07,
    "FlipAngle": 8,
    "PartialFourier": 1,
    "BaseResolution": 256,
    "ShimSetting": [
        -2002,
        -11588,
        5773,
        51,
        53,
        -21,
        170,
        -52
    ],
    "TxRefAmp": 236.815,
    "PhaseResolution": 1,
    "ReceiveCoilName": "HeadNeck_20",
    "ReceiveCoilActiveElements": "HE1-4;NE1,2",
    "PulseSequenceDetails": "%CustomerSeq%\\tfl_mgh_epinav_ABCD",
    "WipMemBlock": "Prisma_epi_moco_navigator_ABCD_tfl.prot",
    "RefLinesPE": 32,
    "CoilCombinationMethod": "Adaptive Combine",
    "ConsistencyInfo": "N4_VE11C_LATEST_20160120",
    "MatrixCoilMode": "GRAPPA",
    "PercentPhaseFOV": 100,
    "PercentSampling": 100,
    "PhaseEncodingSteps": 255,
    "AcquisitionMatrixPE": 256,
    "ReconMatrixPE": 256,
    "ParallelReductionFactorInPlane": 2,
    "PixelBandwidth": 240,
    "DwellTime": 8.2e-06,
    "ImageOrientationPatientDICOM": [
        -0.0750566,
        0.99635,
        0.0406543,
        0.00262711,
        0.0409667,
        -0.999157
    ],
    "ImageOrientationText": "Sag>Cor(-4.3)>Tra(-0.3)",
    "InPlanePhaseEncodingDirectionDICOM": "ROW",
    "ConversionSoftware": "dcm2niix",
    "ConversionSoftwareVersion": "v1.0.20230411"
}